GEM
  remote: https://rubygems.org/
  specs:
    binding_of_caller (0.7.2)
      debug_inspector (>= 0.0.1)
    byebug (9.0.6)
    coderay (1.1.1)
    debug_inspector (0.0.2)
    method_source (0.8.2)
    pry (0.10.4)
      coderay (~> 1.1.0)
      method_source (~> 0.8.1)
      slop (~> 3.4)
    pry-byebug (3.4.2)
      byebug (~> 9.0)
      pry (~> 0.10)
    pry-stack_explorer (0.4.9.2)
      binding_of_caller (>= 0.7)
      pry (>= 0.9.11)
    rake (12.0.0)
    sequel (4.44.0)
    slop (3.6.0)
    sqlite3 (1.3.13)

PLATFORMS
  ruby

DEPENDENCIES
  pry
  pry-byebug
  pry-stack_explorer
  rake
  sequel
  sqlite3

BUNDLED WITH
   1.14.6
